GEM
  remote: https://rubygems.org/
  specs:
    aws-sdk (2.10.14)
      aws-sdk-resources (= 2.10.14)
    aws-sdk-core (2.10.14)
      aws-sigv4 (~> 1.0)
      jmespath (~> 1.0)
    aws-sdk-resources (2.10.14)
      aws-sdk-core (= 2.10.14)
    aws-sigv4 (1.0.1)
    backports (3.8.0)
    byebug (9.0.6)
    coderay (1.1.1)
    faraday (0.12.1)
      multipart-post (>= 1.2, < 3)
    jmespath (1.3.1)
    method_source (0.8.2)
    multi_json (1.12.1)
    multipart-post (2.0.0)
    mustermann (1.0.0)
    pry (0.10.4)
      coderay (~> 1.1.0)
      method_source (~> 0.8.1)
      slop (~> 3.4)
    pry-byebug (3.4.2)
      byebug (~> 9.0)
      pry (~> 0.10)
    puma (3.9.1)
    rack (2.0.3)
    rack-protection (2.0.0)
      rack
    sinatra (2.0.0)
      mustermann (~> 1.0)
      rack (~> 2.0)
      rack-protection (= 2.0.0)
      tilt (~> 2.0)
    sinatra-contrib (2.0.0)
      backports (>= 2.0)
      multi_json
      mustermann (~> 1.0)
      rack-protection (= 2.0.0)
      sinatra (= 2.0.0)
      tilt (>= 1.3, < 3)
    slack-notifier (2.2.2)
    slop (3.6.0)
    tilt (2.0.7)
    zk (1.9.6)
      zookeeper (~> 1.4.0)
    zookeeper (1.4.11)

PLATFORMS
  ruby

DEPENDENCIES
  aws-sdk
  faraday
  pry-byebug
  puma
  sinatra
  sinatra-contrib
  slack-notifier
  zk

BUNDLED WITH
   1.15.1
